GEM
  remote: http://rubygems.org/
  specs:
    haml (3.0.25)
    r18n-core (0.4.8)
    rack (1.2.1)
    sinatra (1.1.2)
      rack (~> 1.1)
      tilt (~> 1.2)
    sinatra-r18n (0.4.8)
      r18n-core (= 0.4.8)
    tilt (1.2.2)

PLATFORMS
  ruby

DEPENDENCIES
  haml
  sinatra
  sinatra-r18n
